GIT
  remote: git://github.com/hyone/my_docker_rake.git
  revision: 41f668e53b03ffbe5b5871dbc6e0231b4ff3ce7a
  specs:
    my_docker_rake (0.0.11)
      rake

GEM
  remote: https://rubygems.org/
  specs:
    archive-tar-minitar (0.5.2)
    diff-lcs (1.2.5)
    docker-api (1.13.0)
      archive-tar-minitar
      excon (>= 0.37.0)
      json
    excon (0.37.0)
    highline (1.6.21)
    json (1.8.1)
    net-ssh (2.9.1)
    rake (10.3.2)
    rspec (3.0.0)
      rspec-core (~> 3.0.0)
      rspec-expectations (~> 3.0.0)
      rspec-mocks (~> 3.0.0)
    rspec-core (3.0.2)
      rspec-support (~> 3.0.0)
    rspec-expectations (3.0.2)
      diff-lcs (>= 1.2.0, < 2.0)
      rspec-support (~> 3.0.0)
    rspec-mocks (3.0.2)
      rspec-support (~> 3.0.0)
    rspec-support (3.0.2)
    serverspec (0.15.4)
      highline
      net-ssh
      rspec (>= 2.13.0)
      specinfra (>= 0.7.1)
    specinfra (1.18.3)

PLATFORMS
  ruby

DEPENDENCIES
  docker-api
  my_docker_rake!
  rake
  rspec
  serverspec
